GEM
  remote: https://rubygems.org/
  specs:
    execjs (2.5.2)
    json (1.8.3)
    rack (1.6.4)
    rack-protection (1.5.3)
      rack
    rake (10.4.2)
    sinatra (1.4.6)
      rack (~> 1.4)
      rack-protection (~> 1.4)
      tilt (>= 1.3, < 3)
    sprockets (3.2.0)
      rack (~> 1.0)
    tilt (2.0.1)
    uglifier (2.7.1)
      execjs (>= 0.3.0)
      json (>= 1.8.0)

PLATFORMS
  ruby

DEPENDENCIES
  rake (= 10.4.2)
  sinatra (= 1.4.6)
  sprockets (= 3.2.0)
  uglifier (= 2.7.1)

BUNDLED WITH
   1.10.4
